GIT
  remote: git://github.com/fabianzwodrei/iqvoc.git
  revision: bddeb098047274adebc87b9e850bcf85ce833151
  branch: master
  specs:
    iqvoc (4.9.0)
      apipie-rails (~> 0.3.5)
      authlogic (~> 3.4.2)
      autoprefixer-rails (~> 5.1.8)
      bootstrap-sass (~> 3.3.1.0)
      bootstrap_form (~> 2.2.0)
      bundler
      cancancan
      carrierwave
      database_cleaner
      delayed_job_active_record (~> 4.0.1)
      faraday (= 0.9.0)
      faraday_middleware
      font-awesome-rails (~> 4.2.0)
      iq_rdf (>= 0.1.15)
      iq_triplestorage
      json
      kaminari
      kaminari-bootstrap (~> 3.0.1)
      linkeddata
      maruku
      nokogiri
      rails (~> 4.2.0)
      rails_autolink
      sass-rails (~> 5.0.0)
      uglifier (>= 1.3.0)

GEM
  remote: https://rubygems.org/
  specs:
    actionmailer (4.2.6)
      actionpack (= 4.2.6)
      actionview (= 4.2.6)
      activejob (= 4.2.6)
      mail (~> 2.5, >= 2.5.4)
      rails-dom-testing (~> 1.0, >= 1.0.5)
    actionpack (4.2.6)
      actionview (= 4.2.6)
      activesupport (= 4.2.6)
      rack (~> 1.6)
      rack-test (~> 0.6.2)
      rails-dom-testing (~> 1.0, >= 1.0.5)
      rails-html-sanitizer (~> 1.0, >= 1.0.2)
    actionview (4.2.6)
      activesupport (= 4.2.6)
      builder (~> 3.1)
      erubis (~> 2.7.0)
      rails-dom-testing (~> 1.0, >= 1.0.5)
      rails-html-sanitizer (~> 1.0, >= 1.0.2)
    activejob (4.2.6)
      activesupport (= 4.2.6)
      globalid (>= 0.3.0)
    activemodel (4.2.6)
      activesupport (= 4.2.6)
      builder (~> 3.1)
    activerecord (4.2.6)
      activemodel (= 4.2.6)
      activesupport (= 4.2.6)
      arel (~> 6.0)
    activerecord-jdbc-adapter (1.3.20)
      activerecord (>= 2.2)
    activerecord-jdbcmysql-adapter (1.3.20)
      activerecord-jdbc-adapter (~> 1.3.20)
      jdbc-mysql (>= 5.1.22)
    activerecord-jdbcpostgresql-adapter (1.3.20)
      activerecord-jdbc-adapter (~> 1.3.20)
      jdbc-postgres (>= 9.1)
    activerecord-jdbcsqlite3-adapter (1.3.20)
      activerecord-jdbc-adapter (~> 1.3.20)
      jdbc-sqlite3 (>= 3.7.2, < 3.9)
    activesupport (4.2.6)
      i18n (~> 0.7)
      json (~> 1.7, >= 1.7.7)
      minitest (~> 5.1)
      thread_safe (~> 0.3, >= 0.3.4)
      tzinfo (~> 1.1)
    addressable (2.4.0)
    apipie-rails (0.3.6)
      json
    arel (6.0.3)
    authlogic (3.4.6)
      activerecord (>= 3.2)
      activesupport (>= 3.2)
      request_store (~> 1.0)
      scrypt (>= 1.2, < 3.0)
    autoprefixer-rails (5.1.11)
      execjs
      json
    awesome_print (1.6.1)
    bcp47 (0.3.3)
      i18n
    bootstrap-sass (3.3.1.0)
      sass (~> 3.2)
    bootstrap_form (2.2.0)
    builder (3.2.2)
    cancancan (1.13.1)
    capybara (2.7.1)
      addressable
      mime-types (>= 1.16)
      nokogiri (>= 1.3.3)
      rack (>= 1.0.0)
      rack-test (>= 0.5.4)
      xpath (~> 2.0)
    carrierwave (0.11.1)
      activemodel (>= 3.2.0)
      activesupport (>= 3.2.0)
      json (>= 1.7)
      mime-types (>= 1.16)
      mimemagic (>= 0.3.0)
    cliver (0.3.2)
    coderay (1.1.1)
    concurrent-ruby (1.0.2)
    concurrent-ruby (1.0.2-java)
    crack (0.4.3)
      safe_yaml (~> 1.0.0)
    database_cleaner (1.5.3)
    delayed_job (4.0.6)
      activesupport (>= 3.0, < 5.0)
    delayed_job_active_record (4.0.3)
      activerecord (>= 3.0, < 5.0)
      delayed_job (>= 3.0, < 4.1)
    diff-lcs (1.2.5)
    ebnf (1.0.1)
      rdf (~> 2.0)
      sxp (~> 1.0)
    equivalent-xml (0.6.0)
      nokogiri (>= 1.4.3)
    erubis (2.7.0)
    execjs (2.6.0)
    faraday (0.9.0)
      multipart-post (>= 1.2, < 3)
    faraday_middleware (0.10.0)
      faraday (>= 0.7.4, < 0.10)
    ffi (1.9.10)
    ffi (1.9.10-java)
    ffi-compiler (0.1.3)
      ffi (>= 1.0.0)
      rake
    font-awesome-rails (4.2.0.0)
      railties (>= 3.2, < 5.0)
    globalid (0.3.6)
      activesupport (>= 4.1.0)
    haml (4.0.7)
      tilt
    hamster (3.0.0)
      concurrent-ruby (~> 1.0)
    hashdiff (0.3.0)
    htmlentities (4.3.4)
    i18n (0.7.0)
    iq_rdf (0.1.15)
      activesupport
      builder
      bundler
    iq_triplestorage (0.2.2)
    jdbc-mysql (5.1.38)
    jdbc-postgres (9.4.1206)
    jdbc-sqlite3 (3.8.11.2)
    json (1.8.3)
    json (1.8.3-java)
    json-ld (2.0.0.1)
      multi_json (~> 1.11)
      rdf (~> 2.0)
    kaminari (0.16.3)
      actionpack (>= 3.0.0)
      activesupport (>= 3.0.0)
    kaminari-bootstrap (3.0.1)
      kaminari (>= 0.13.0)
      rails
    ld-patch (0.3.0)
      ebnf (~> 1.0, >= 1.0.1)
      rdf (~> 2.0)
      rdf-xsd (~> 2.0)
      sparql (~> 2.0)
      sxp (~> 1.0)
    link_header (0.0.8)
    linkeddata (2.0.0)
      equivalent-xml (~> 0.6)
      json-ld (~> 2.0)
      ld-patch (~> 0.3)
      nokogiri (~> 1.6)
      rdf (~> 2.0)
      rdf-aggregate-repo (~> 2.0)
      rdf-isomorphic (~> 2.0)
      rdf-json (~> 2.0)
      rdf-microdata (~> 2.0)
      rdf-n3 (~> 2.0)
      rdf-rdfa (~> 2.0)
      rdf-rdfxml (~> 2.0)
      rdf-reasoner (~> 0.4)
      rdf-tabular (~> 0.4)
      rdf-trig (~> 2.0)
      rdf-trix (~> 2.0)
      rdf-turtle (~> 2.0)
      rdf-vocab (~> 2.0)
      rdf-xsd (~> 2.0)
      sparql (~> 2.0)
      sparql-client (~> 2.0)
    loofah (2.0.3)
      nokogiri (>= 1.5.9)
    mail (2.6.4)
      mime-types (>= 1.16, < 4)
    maruku (0.7.2)
    method_source (0.8.2)
    mime-types (3.0)
      mime-types-data (~> 3.2015)
    mime-types-data (3.2016.0221)
    mimemagic (0.3.1)
    mini_portile2 (2.0.0)
    minitest (5.8.4)
    multi_json (1.12.0)
    multipart-post (2.0.0)
    mysql2 (0.4.4)
    net-http-persistent (2.9.4)
    nokogiri (1.6.7.2)
      mini_portile2 (~> 2.0.0.rc2)
    nokogiri (1.6.7.2-java)
    passenger (5.0.28)
      rack
      rake (>= 0.8.1)
    pg (0.18.4)
    poltergeist (1.5.1)
      capybara (~> 2.1)
      cliver (~> 0.3.1)
      multi_json (~> 1.0)
      websocket-driver (>= 0.2.0)
    pry (0.10.3)
      coderay (~> 1.1.0)
      method_source (~> 0.8.1)
      slop (~> 3.4)
    pry (0.10.3-java)
      coderay (~> 1.1.0)
      method_source (~> 0.8.1)
      slop (~> 3.4)
      spoon (~> 0.0)
    pry-rails (0.3.4)
      pry (>= 0.9.10)
    rack (1.6.4)
    rack-test (0.6.3)
      rack (>= 1.0)
    rails (4.2.6)
      actionmailer (= 4.2.6)
      actionpack (= 4.2.6)
      actionview (= 4.2.6)
      activejob (= 4.2.6)
      activemodel (= 4.2.6)
      activerecord (= 4.2.6)
      activesupport (= 4.2.6)
      bundler (>= 1.3.0, < 2.0)
      railties (= 4.2.6)
      sprockets-rails
    rails-deprecated_sanitizer (1.0.3)
      activesupport (>= 4.2.0.alpha)
    rails-dom-testing (1.0.7)
      activesupport (>= 4.2.0.beta, < 5.0)
      nokogiri (~> 1.6.0)
      rails-deprecated_sanitizer (>= 1.0.1)
    rails-html-sanitizer (1.0.3)
      loofah (~> 2.0)
    rails_autolink (1.1.6)
      rails (> 3.1)
    railties (4.2.6)
      actionpack (= 4.2.6)
      activesupport (= 4.2.6)
      rake (>= 0.8.7)
      thor (>= 0.18.1, < 2.0)
    rake (11.1.2)
    rdf (2.0.1)
      hamster (~> 3.0)
      link_header (~> 0.0, >= 0.0.8)
    rdf-aggregate-repo (2.0.0)
      rdf (~> 2.0)
    rdf-isomorphic (2.0.0)
      rdf (~> 2.0)
    rdf-json (2.0.0)
      rdf (~> 2.0)
    rdf-microdata (2.0.3)
      htmlentities (~> 4.3)
      nokogiri (~> 1.6)
      rdf (~> 2.0)
      rdf-xsd (~> 2.0)
    rdf-n3 (2.0.0)
      rdf (~> 2.0)
    rdf-rdfa (2.0.0)
      haml (~> 4.0)
      htmlentities (~> 4.3)
      rdf (~> 2.0)
      rdf-aggregate-repo (~> 2.0)
      rdf-xsd (~> 2.0)
    rdf-rdfxml (2.0.0)
      htmlentities (~> 4.3)
      rdf (~> 2.0)
      rdf-rdfa (~> 2.0)
      rdf-xsd (~> 2.0)
    rdf-reasoner (0.4.0)
      rdf (~> 2.0)
      rdf-spec (~> 2.0)
      rdf-vocab (~> 2.0)
      rdf-xsd (~> 2.0)
    rdf-spec (2.0.0)
      rdf (~> 2.0)
      rdf-isomorphic (~> 2.0)
      rspec (~> 3.0)
      rspec-its (~> 1.0)
      webmock (~> 1.17)
    rdf-tabular (0.4.0)
      addressable (~> 2.3)
      bcp47 (~> 0.3, >= 0.3.3)
      json-ld (~> 2.0)
      rdf (~> 2.0)
      rdf-vocab (~> 2.0)
      rdf-xsd (~> 2.0)
    rdf-trig (2.0.0)
      ebnf (~> 1.0, >= 1.0.1)
      rdf (~> 2.0)
      rdf-turtle (~> 2.0)
    rdf-trix (2.0.0)
      rdf (~> 2.0)
    rdf-turtle (2.0.0)
      ebnf (~> 1.0, >= 1.0.1)
      rdf (~> 2.0)
    rdf-vocab (2.0.1)
      rdf (~> 2.0)
    rdf-xsd (2.0.0)
      rdf (~> 2.0)
    request_store (1.3.1)
    rspec (3.4.0)
      rspec-core (~> 3.4.0)
      rspec-expectations (~> 3.4.0)
      rspec-mocks (~> 3.4.0)
    rspec-core (3.4.4)
      rspec-support (~> 3.4.0)
    rspec-expectations (3.4.0)
      diff-lcs (>= 1.2.0, < 2.0)
      rspec-support (~> 3.4.0)
    rspec-its (1.2.0)
      rspec-core (>= 3.0.0)
      rspec-expectations (>= 3.0.0)
    rspec-mocks (3.4.1)
      diff-lcs (>= 1.2.0, < 2.0)
      rspec-support (~> 3.4.0)
    rspec-support (3.4.1)
    safe_yaml (1.0.4)
    sass (3.4.22)
    sass-rails (5.0.4)
      railties (>= 4.0.0, < 5.0)
      sass (~> 3.1)
      sprockets (>= 2.8, < 4.0)
      sprockets-rails (>= 2.0, < 4.0)
      tilt (>= 1.1, < 3)
    scrypt (2.1.1)
      ffi-compiler (>= 0.0.2)
      rake
    slop (3.6.0)
    sparql (2.0.0)
      builder (~> 3.2)
      ebnf (~> 1.0, >= 1.0.1)
      rdf (~> 2.0)
      rdf-aggregate-repo (~> 2.0)
      rdf-xsd (~> 2.0)
      sparql-client (~> 2.0)
      sxp (~> 1.0)
    sparql-client (2.0.0)
      net-http-persistent (~> 2.9)
      rdf (~> 2.0)
    spoon (0.0.4)
      ffi
    sprockets (3.6.0)
      concurrent-ruby (~> 1.0)
      rack (> 1, < 3)
    sprockets-rails (3.0.4)
      actionpack (>= 4.0)
      activesupport (>= 4.0)
      sprockets (>= 3.0.0)
    sqlite3 (1.3.11)
    sxp (1.0.0)
      rdf (~> 2.0)
    thor (0.19.1)
    thread_safe (0.3.5)
    thread_safe (0.3.5-java)
    tilt (2.0.2)
    tzinfo (1.2.2)
      thread_safe (~> 0.1)
    uglifier (3.0.0)
      execjs (>= 0.3.0, < 3)
    webmock (1.24.6)
      addressable (>= 2.3.6)
      crack (>= 0.3.2)
      hashdiff
    websocket-driver (0.6.3)
      websocket-extensions (>= 0.1.0)
    websocket-driver (0.6.3-java)
      websocket-extensions (>= 0.1.0)
    websocket-extensions (0.1.2)
    xpath (2.0.0)
      nokogiri (~> 1.3)

PLATFORMS
  java
  ruby

DEPENDENCIES
  activerecord-jdbcmysql-adapter
  activerecord-jdbcpostgresql-adapter (~> 1.3.13)
  activerecord-jdbcsqlite3-adapter
  awesome_print
  capybara
  iqvoc (~> 4.9.0)!
  mysql2
  passenger
  pg
  poltergeist (~> 1.5.0)
  pry-rails
  sqlite3

BUNDLED WITH
   1.11.2
